PATH
  remote: .
  specs:
    churn (1.0.8)
      chronic (>= 0.2.3)
      hirb
      main
      ruby_parser (~> 3.0)
      sexp_processor (~> 4.1)

GEM
  remote: https://rubygems.org/
  specs:
    arrayfields (4.9.2)
    byebug (11.0.1)
    chronic (0.10.2)
    coderay (1.1.2)
    docile (1.1.5)
    fattr (2.4.0)
    hirb (0.7.3)
    json (2.0.2)
    main (6.2.3)
      arrayfields (~> 4.7, >= 4.7.4)
      chronic (~> 0.6, >= 0.6.2)
      fattr (~> 2.2, >= 2.2.0)
      map (~> 6.1, >= 6.1.0)
    map (6.6.0)
    metaclass (0.0.4)
    method_source (0.9.2)
    minitest (5.9.0)
    mocha (1.1.0)
      metaclass (~> 0.0.1)
    pry (0.12.2)
      coderay (~> 1.1.0)
      method_source (~> 0.9.0)
    pry-byebug (3.7.0)
      byebug (~> 11.0)
      pry (~> 0.10)
    rake (12.3.3)
    redcarpet (3.3.4)
    ruby_parser (3.14.1)
      sexp_processor (~> 4.9)
    sexp_processor (4.13.0)
    simplecov (0.12.0)
      docile (~> 1.1.0)
      json (>= 1.8, < 3)
      simplecov-html (~> 0.10.0)
    simplecov-html (0.10.0)
    test_construct (2.0.1)
    yard (0.9.20)

PLATFORMS
  ruby

DEPENDENCIES
  churn!
  minitest (~> 5.3)
  mocha (~> 1.1.0)
  pry-byebug
  rake
  redcarpet
  simplecov
  test_construct (~> 2.0.0)
  yard (~> 0.9.20)

BUNDLED WITH
   1.17.2
